PATH
  remote: .
  specs:
    trading (0.1.0)
      gli

GEM
  remote: https://rubygems.org/
  specs:
    coderay (1.1.2)
    gli (2.18.1)
    method_source (0.9.2)
    minitest (5.11.3)
    pry (0.12.2)
      coderay (~> 1.1.0)
      method_source (~> 0.9.0)
    pry-rails (0.3.9)
      pry (>= 0.10.4)
    rake (10.5.0)

PLATFORMS
  ruby

DEPENDENCIES
  bundler (~> 2.0)
  minitest (~> 5.0)
  pry-rails
  rake (~> 10.0)
  trading!

BUNDLED WITH
   2.0.1
